GEM
  remote: https://rubygems.org/
  specs:
    coderay (1.0.9)
    eventmachine (1.0.1)
    faraday (0.8.6)
      multipart-post (~> 1.1)
    method_source (0.8.1)
    multi_json (1.6.1)
    multipart-post (1.2.0)
    pry (0.9.12)
      coderay (~> 1.0.5)
      method_source (~> 0.8)
      slop (~> 3.4)
    roauth (0.0.8)
    simple_oauth (0.2.0)
    slop (3.4.3)
    twitter (4.5.0)
      faraday (~> 0.8, < 0.10)
      multi_json (~> 1.0)
      simple_oauth (~> 0.2)
    twitter-stream (0.1.12)
      eventmachine (>= 0.12.8)
      roauth (>= 0.0.2)

PLATFORMS
  ruby

DEPENDENCIES
  pry
  simple_oauth (~> 0.2)
  twitter
  twitter-stream
